GEM
  remote: https://rubygems.org/
  specs:
    aws-kclrb (1.0.0)
      multi_json (~> 1.0)
    aws-sdk (2.1.19)
      aws-sdk-resources (= 2.1.19)
    aws-sdk-core (2.1.19)
      jmespath (~> 1.0)
    aws-sdk-resources (2.1.19)
      aws-sdk-core (= 2.1.19)
    dogapi (1.20.0)
      multi_json
    jmespath (1.0.2)
      multi_json (~> 1.0)
    multi_json (1.11.2)

PLATFORMS
  ruby

DEPENDENCIES
  aws-kclrb
  aws-sdk
  aws-sdk-core
  dogapi

BUNDLED WITH
   1.10.6
